PATH
  remote: .
  specs:
    stability_sdk (0.1.0)
      grpc

GEM
  remote: https://rubygems.org/
  specs:
    google-protobuf (3.21.5)
    googleapis-common-protos-types (1.4.0)
      google-protobuf (~> 3.14)
    grpc (1.48.0)
      google-protobuf (~> 3.19)
      googleapis-common-protos-types (~> 1.0)
    grpc-tools (1.48.0)
    minitest (5.16.3)
    rake (12.3.3)

PLATFORMS
  arm64-darwin-20

DEPENDENCIES
  grpc-tools
  minitest (~> 5.0)
  rake (~> 12.0)
  stability_sdk!

BUNDLED WITH
   2.2.2
